GEM
  remote: https://rubygems.org/
  specs:
    puma (3.12.6)
    rack (2.0.6)

PLATFORMS
  ruby

DEPENDENCIES
  puma
  rack

BUNDLED WITH
   1.16.4
